GEM
  remote: http://rubygems.org/
  specs:
    backports (2.6.5)
    builder (3.1.4)
    daemons (1.1.9)
    eventmachine (1.0.0)
    jwt (0.1.5)
      multi_json (>= 1.0)
    multi_json (1.3.7)
    rack (1.4.1)
    rack-protection (1.2.0)
      rack
    rack-test (0.6.2)
      rack (>= 1.0)
    sinatra (1.3.3)
      rack (~> 1.3, >= 1.3.6)
      rack-protection (~> 1.2)
      tilt (~> 1.3, >= 1.3.3)
    sinatra-contrib (1.3.2)
      backports (>= 2.0)
      eventmachine
      rack-protection
      rack-test
      sinatra (~> 1.3.0)
      tilt (~> 1.3)
    thin (1.5.0)
      daemons (>= 1.0.9)
      eventmachine (>= 0.12.6)
      rack (>= 1.0.0)
    tilt (1.3.3)
    twilio-ruby (3.8.0)
      builder (>= 2.1.2)
      jwt (>= 0.1.2)
      multi_json (>= 1.3.0)

PLATFORMS
  ruby

DEPENDENCIES
  sinatra (= 1.3.3)
  sinatra-contrib (= 1.3.2)
  thin
  twilio-ruby (= 3.8.0)
